GEM
  remote: http://rubygems.org/
  specs:
    obscenity (1.0.1)
    rack (1.5.1)
    rack-protection (1.3.2)
      rack
    rdiscount (2.0.7)
    sinatra (1.3.4)
      rack (~> 1.4)
      rack-protection (~> 1.3)
      tilt (~> 1.3, >= 1.3.3)
    tilt (1.3.3)

PLATFORMS
  ruby

DEPENDENCIES
  obscenity
  rdiscount
  sinatra
